PATH
  remote: .
  specs:
    impermium (1.1.0)
      faraday_middleware (>= 0.8.8)
      hashie (~> 1.2.0)
      multi_json

GEM
  remote: http://rubygems.org/
  specs:
    addressable (2.3.2)
    coderay (1.0.8)
    crack (0.3.1)
    diff-lcs (1.1.3)
    faraday (0.8.4)
      multipart-post (~> 1.1)
    faraday_middleware (0.9.0)
      faraday (>= 0.7.4, < 0.9)
    hashie (1.2.0)
    method_source (0.8.1)
    multi_json (1.4.0)
    multipart-post (1.1.5)
    pry (0.9.10)
      coderay (~> 1.0.5)
      method_source (~> 0.8)
      slop (~> 3.3.1)
    pry-nav (0.2.2)
      pry (~> 0.9.10)
    rspec (2.8.0)
      rspec-core (~> 2.8.0)
      rspec-expectations (~> 2.8.0)
      rspec-mocks (~> 2.8.0)
    rspec-core (2.8.0)
    rspec-expectations (2.8.0)
      diff-lcs (~> 1.1.2)
    rspec-mocks (2.8.0)
    slop (3.3.3)
    vcr (2.0.1)
    webmock (1.8.11)
      addressable (>= 2.2.7)
      crack (>= 0.1.7)

PLATFORMS
  ruby

DEPENDENCIES
  impermium!
  pry
  pry-nav
  rspec (~> 2.8.0)
  vcr (~> 2.0.0)
  webmock (~> 1.8.1)
